GEM
  remote: https://rubygems.org/
  specs:
    activemodel (4.1.4)
      activesupport (= 4.1.4)
      builder (~> 3.1)
    activerecord (4.1.4)
      activemodel (= 4.1.4)
      activesupport (= 4.1.4)
      arel (~> 5.0.0)
    activesupport (4.1.4)
      i18n (~> 0.6, >= 0.6.9)
      json (~> 1.7, >= 1.7.7)
      minitest (~> 5.1)
      thread_safe (~> 0.1)
      tzinfo (~> 1.1)
    arel (5.0.1.20140414130214)
    builder (3.2.2)
    http_router (0.11.1)
      rack (>= 1.0.0)
      url_mount (~> 0.2.1)
    i18n (0.6.11)
    json (1.8.1)
    mini_portile (0.6.0)
    minitest (5.4.0)
    moneta (0.7.20)
    newrelic_rpm (3.9.1.236)
    nokogiri (1.6.3.1)
      mini_portile (= 0.6.0)
    padrino-cache (0.12.3)
      moneta (~> 0.7.0)
      padrino-core (= 0.12.3)
      padrino-helpers (= 0.12.3)
    padrino-core (0.12.3)
      activesupport (>= 3.1)
      http_router (~> 0.11.0)
      padrino-support (= 0.12.3)
      rack-protection (>= 1.5.0)
      sinatra (~> 1.4.2)
      thor (~> 0.18)
    padrino-gen (0.12.3)
      bundler (~> 1.0)
      padrino-core (= 0.12.3)
    padrino-helpers (0.12.3)
      i18n (~> 0.6, >= 0.6.7)
      padrino-support (= 0.12.3)
      tilt (~> 1.4.1)
    padrino-support (0.12.3)
      activesupport (>= 3.1)
    pg (0.17.1)
    puma (2.9.0)
      rack (>= 1.1, < 2.0)
    rack (1.5.2)
    rack-protection (1.5.3)
      rack
    rake (10.3.2)
    sinatra (1.4.5)
      rack (~> 1.4)
      rack-protection (~> 1.4)
      tilt (~> 1.3, >= 1.3.4)
    slim (2.0.3)
      temple (~> 0.6.6)
      tilt (>= 1.3.3, < 2.1)
    sqlite3 (1.3.9)
    temple (0.6.8)
    thor (0.19.1)
    thread_safe (0.3.4)
    tilt (1.4.1)
    tzinfo (1.2.2)
      thread_safe (~> 0.1)
    url_mount (0.2.1)
      rack

PLATFORMS
  ruby

DEPENDENCIES
  activerecord
  newrelic_rpm
  nokogiri
  padrino-cache (>= 0.12.2)
  padrino-core (>= 0.12.2)
  padrino-gen (>= 0.12.2)
  padrino-helpers (>= 0.12.2)
  padrino-support (>= 0.12.2)
  pg
  puma
  rake
  slim
  sqlite3
