GIT
  remote: git://github.com/padrino/padrino-framework.git
  revision: 0783d7464c94986460921edc5681610835964740
  specs:
    padrino (0.13.0.rc1)
      padrino-admin (= 0.13.0.rc1)
      padrino-cache (= 0.13.0.rc1)
      padrino-core (= 0.13.0.rc1)
      padrino-gen (= 0.13.0.rc1)
      padrino-helpers (= 0.13.0.rc1)
      padrino-mailer (= 0.13.0.rc1)
      padrino-support (= 0.13.0.rc1)
    padrino-admin (0.13.0.rc1)
      padrino-core (= 0.13.0.rc1)
      padrino-helpers (= 0.13.0.rc1)
    padrino-cache (0.13.0.rc1)
      moneta (~> 0.7.0)
      padrino-core (= 0.13.0.rc1)
      padrino-helpers (= 0.13.0.rc1)
    padrino-core (0.13.0.rc1)
      activesupport (>= 3.1)
      mustermann19
      padrino-support (= 0.13.0.rc1)
      rack-protection (>= 1.5.0)
      sinatra (~> 1.4.2)
      thor (~> 0.18)
    padrino-gen (0.13.0.rc1)
      bundler (~> 1.0)
      padrino-core (= 0.13.0.rc1)
    padrino-helpers (0.13.0.rc1)
      i18n (~> 0.6, >= 0.6.7)
      padrino-support (= 0.13.0.rc1)
      tilt (~> 1.4.1)
    padrino-mailer (0.13.0.rc1)
      mail (~> 2.5.3)
      padrino-core (= 0.13.0.rc1)
    padrino-support (0.13.0.rc1)
      activesupport (>= 3.1)

GEM
  remote: https://rubygems.org/
  specs:
    activesupport (4.1.8)
      i18n (~> 0.6, >= 0.6.9)
      json (~> 1.7, >= 1.7.7)
      minitest (~> 5.1)
      thread_safe (~> 0.1)
      tzinfo (~> 1.1)
    enumerable-lazy (0.0.1)
    i18n (0.6.11)
    json (1.8.1)
    mail (2.5.4)
      mime-types (~> 1.16)
      treetop (~> 1.4.8)
    mime-types (1.25.1)
    mini_portile (0.6.1)
    minitest (5.4.3)
    moneta (0.7.20)
    mustermann19 (0.4.0)
      enumerable-lazy
    newrelic_rpm (3.9.7.266)
    nokogiri (1.6.5)
      mini_portile (~> 0.6.0)
    pg (0.17.1)
    polyglot (0.3.5)
    puma (2.10.2)
      rack (>= 1.1, < 2.0)
    rack (1.5.2)
    rack-protection (1.5.3)
      rack
    rake (10.4.0)
    redis (3.1.0)
    sinatra (1.4.5)
      rack (~> 1.4)
      rack-protection (~> 1.4)
      tilt (~> 1.3, >= 1.3.4)
    slim (2.1.0)
      temple (~> 0.6.9)
      tilt (>= 1.3.3, < 2.1)
    sqlite3 (1.3.10)
    temple (0.6.10)
    thor (0.19.1)
    thread_safe (0.3.4)
    tilt (1.4.1)
    treetop (1.4.15)
      polyglot
      polyglot (>= 0.3.1)
    tzinfo (1.2.2)
      thread_safe (~> 0.1)

PLATFORMS
  ruby

DEPENDENCIES
  newrelic_rpm
  nokogiri
  padrino!
  pg
  puma
  rake
  redis
  slim
  sqlite3
